PATH
  remote: .
  specs:
    memcached_snappy_store (0.0.1)
      activesupport (~> 3.2.12)
      snappy (= 0.0.4)

GEM
  remote: https://rubygems.org/
  specs:
    activesupport (3.2.13)
      i18n (= 0.6.1)
      multi_json (~> 1.0)
    i18n (0.6.1)
    memcache (1.2.13)
    memcache-client (1.8.5)
    metaclass (0.0.1)
    minitest (4.7.1)
    mocha (0.13.3)
      metaclass (~> 0.0.1)
    multi_json (1.7.2)
    rake (10.0.4)
    snappy (0.0.4)
    timecop (0.6.1)

PLATFORMS
  ruby

DEPENDENCIES
  i18n
  memcache
  memcache-client
  memcached_snappy_store!
  minitest
  mocha
  rake
  timecop
